GEM
  remote: http://rubygems.org/
  remote: http://gemcutter.org/
  specs:
    async_sinatra (0.5.0)
      rack (>= 1.2.1)
      sinatra (>= 1.0)
    erubis (2.7.0)
    json_pure (1.6.1)
    rack (1.3.5)
    rack-protection (1.1.4)
      rack
    sass (3.1.10)
    sequel (3.28.0)
    sinatra (1.3.1)
      rack (~> 1.3, >= 1.3.4)
      rack-protection (~> 1.1, >= 1.1.2)
      tilt (~> 1.3, >= 1.3.3)
    sqlite3 (1.3.4)
    tilt (1.3.3)

PLATFORMS
  ruby

DEPENDENCIES
  async_sinatra
  erubis
  json_pure
  sass
  sequel
  sinatra
  sqlite3
